GEM
  remote: https://rubygems.org/
  specs:
    builder (3.2.2)
    cucumber (1.3.18)
      builder (>= 2.1.2)
      diff-lcs (>= 1.1.3)
      gherkin (~> 2.12)
      multi_json (>= 1.7.5, < 2.0)
      multi_test (>= 0.1.1)
    diff-lcs (1.2.5)
    gherkin (2.12.2)
      multi_json (~> 1.3)
    httparty (0.13.3)
      json (~> 1.8)
      multi_xml (>= 0.5.2)
    json (1.8.2)
    multi_json (1.10.1)
    multi_test (0.1.1)
    multi_xml (0.5.5)
    timestamped-scenarios (0.1.0)
      cucumber

PLATFORMS
  ruby

DEPENDENCIES
  cucumber
  httparty
  timestamped-scenarios
